PATH
  remote: .
  specs:
    scan_media (0.1.0)

GEM
  remote: https://rubygems.org/
  specs:
    ansi (1.5.0)
    builder (3.2.4)
    minitest (5.14.0)
    minitest-reporters (1.4.2)
      ansi
      builder
      minitest (>= 5.0)
      ruby-progressbar
    optimist (3.0.1)
    rake (13.0.1)
    ruby-progressbar (1.10.1)
    taglib-ruby (1.0.1)

PLATFORMS
  ruby

DEPENDENCIES
  bundler (~> 2.1)
  minitest (~> 5.14)
  minitest-reporters (~> 1.4)
  optimist
  rake (~> 13.0)
  scan_media!
  taglib-ruby

BUNDLED WITH
   2.1.4
